PATH
  remote: .
  specs:
    smart_message (0.1.0)
      hashie (~> 3.6)

GEM
  remote: https://rubygems.org/
  specs:
    hashie (3.6.0)
    minitest (5.11.3)
    rake (12.3.1)

PLATFORMS
  ruby

DEPENDENCIES
  bundler (~> 1.16)
  minitest (~> 5.11)
  rake (~> 12.3)
  smart_message!

BUNDLED WITH
   1.16.5
