PATH
  remote: .
  specs:
    smart_message (0.0.1)
      hashie (~> 3.6)

GEM
  remote: https://rubygems.org/
  specs:
    awesome_print (1.8.0)
    debug_me (1.0.3)
    hashie (3.6.0)
    minitest (5.11.3)
    rake (12.3.1)

PLATFORMS
  ruby

DEPENDENCIES
  awesome_print
  bundler (~> 1.16)
  debug_me
  minitest (~> 5.11)
  rake (~> 12.3)
  smart_message!

BUNDLED WITH
   1.16.5
